PATH
  remote: .
  specs:
    swish (0.8.1)
      crack (>= 0.1.8)
      httparty (>= 0.6.1)

GEM
  remote: https://rubygems.org/
  specs:
    crack (0.4.1)
      safe_yaml (~> 0.9.0)
    httparty (0.11.0)
      multi_json (~> 1.0)
      multi_xml (>= 0.5.2)
    multi_json (1.7.7)
    multi_xml (0.5.4)
    rake (10.1.0)
    safe_yaml (0.9.4)
    test-unit (2.5.5)

PLATFORMS
  ruby

DEPENDENCIES
  rake
  swish!
  test-unit
