PATH
  remote: .
  specs:
    swish (0.8.0)

GEM
  remote: http://rubygems.org/
  specs:
    crack (0.1.8)
    httparty (0.7.8)
      crack (= 0.1.8)

PLATFORMS
  ruby

DEPENDENCIES
  crack (>= 0.1.8)
  httparty (>= 0.6.1)
  swish!
