PATH
  remote: .
  specs:
    swish (0.8.1)
      crack (>= 0.1.8)
      httparty (>= 0.6.1)

GEM
  remote: http://rubygems.org/
  specs:
    crack (0.3.1)
    httparty (0.8.0)
      multi_json
      multi_xml
    multi_json (1.0.3)
    multi_xml (0.4.0)
    rake (0.9.2)
    test-unit (2.4.0)

PLATFORMS
  ruby

DEPENDENCIES
  rake
  swish!
  test-unit
